GIT
  remote: https://github.com/middleman-contrib/middleman-deploy.git
  revision: 4d04b550b4c6888265d83ee9689f41e29dbae535
  branch: master
  specs:
    middleman-deploy (2.0.0.pre.alpha)
      middleman-core (>= 3.2)
      net-sftp
      ptools

GEM
  remote: https://rubygems.org/
  specs:
    activesupport (5.2.4.5)
      concurrent-ruby (~> 1.0, >= 1.0.2)
      i18n (>= 0.7, < 2)
      minitest (~> 5.1)
      tzinfo (~> 1.1)
    addressable (2.7.0)
      public_suffix (>= 2.0.2, < 5.0)
    backports (3.20.2)
    builder (3.0.4)
    cgi (0.1.0.2)
    coffee-script (2.4.1)
      coffee-script-source
      execjs
    coffee-script-source (1.12.2)
    concurrent-ruby (1.1.8)
    contracts (0.13.0)
    date (3.0.0)
    delegate (0.1.0)
    did_you_mean (1.4.0)
    dotenv (2.7.6)
    erubis (2.7.0)
    etc (1.1.0)
    execjs (2.7.0)
    fast_blank (1.0.0)
    fastimage (2.2.3)
    ffi (1.15.0)
    fileutils (1.4.1)
    forwardable (1.3.1)
    haml (5.2.1)
      temple (>= 0.8.0)
      tilt
    hamster (3.0.0)
      concurrent-ruby (~> 1.0)
    hashie (3.6.0)
    i18n (0.9.5)
      concurrent-ruby (~> 1.0)
    ipaddr (1.2.2)
    kramdown (2.3.0)
      rexml
    listen (3.0.8)
      rb-fsevent (~> 0.9, >= 0.9.4)
      rb-inotify (~> 0.9, >= 0.9.7)
    memoist (0.16.2)
    middleman (4.3.11)
      coffee-script (~> 2.2)
      haml (>= 4.0.5)
      kramdown (>= 2.3.0)
      middleman-cli (= 4.3.11)
      middleman-core (= 4.3.11)
    middleman-blog (4.0.3)
      addressable (~> 2.3)
      middleman-core (>= 4.0.0)
      tzinfo (>= 0.3.0)
    middleman-cli (4.3.11)
      thor (>= 0.17.0, < 2.0)
    middleman-core (4.3.11)
      activesupport (>= 4.2, < 6.0)
      addressable (~> 2.3)
      backports (~> 3.6)
      bundler
      contracts (~> 0.13.0)
      dotenv
      erubis
      execjs (~> 2.0)
      fast_blank
      fastimage (~> 2.0)
      hamster (~> 3.0)
      hashie (~> 3.4)
      i18n (~> 0.9.0)
      listen (~> 3.0.0)
      memoist (~> 0.14)
      padrino-helpers (~> 0.13.0)
      parallel
      rack (>= 1.4.5, < 3)
      sassc (~> 2.0)
      servolux
      tilt (~> 2.0.9)
      uglifier (~> 3.0)
    minitest (5.14.4)
    net-sftp (4.0.0)
      net-ssh (>= 5.0.0, < 8.0.0)
    net-ssh (7.0.1)
    openssl (2.1.2)
      ipaddr
    padrino-helpers (0.13.3.4)
      i18n (~> 0.6, >= 0.6.7)
      padrino-support (= 0.13.3.4)
      tilt (>= 1.4.1, < 3)
    padrino-support (0.13.3.4)
      activesupport (>= 3.1)
    parallel (1.20.1)
    ptools (1.5.0)
    public_suffix (4.0.6)
    rack (2.2.3)
    rb-fsevent (0.10.4)
    rb-inotify (0.10.1)
      ffi (~> 1.0)
    redcarpet (3.5.1)
    rexml (3.2.4)
    sassc (2.4.0)
      ffi (~> 1.9)
    servolux (0.13.0)
    stringio (0.1.0)
    strscan (1.0.3)
    temple (0.8.2)
    thor (1.1.0)
    thread_safe (0.3.6)
    tilt (2.0.10)
    timeout (0.1.0)
    tzinfo (1.2.9)
      thread_safe (~> 0.1)
    uglifier (3.2.0)
      execjs (>= 0.3.0, < 3)
    uri (0.10.0)
    zlib (1.1.0)

PLATFORMS
  ruby

DEPENDENCIES
  builder (~> 3.0.0)
  cgi (~> 0.1.0)
  date (~> 3.0.0)
  delegate (~> 0.1.0)
  did_you_mean (~> 1.4.0)
  etc (~> 1.1.0)
  fileutils (~> 1.4.1)
  forwardable (~> 1.3.1)
  haml
  ipaddr (~> 1.2.2)
  middleman
  middleman-blog
  middleman-deploy!
  openssl (~> 2.1.2)
  redcarpet
  stringio (~> 0.1.0)
  strscan (~> 1.0.3)
  timeout (~> 0.1.0)
  uri (~> 0.10.0)
  zlib (~> 1.1.0)

BUNDLED WITH
   1.11.2
